GEM
  remote: https://rubygems.org/
  specs:
    backports (3.11.3)
    bson (4.3.0)
    mongo (2.5.3)
      bson (>= 4.3.0, < 5.0.0)
    multi_json (1.13.1)
    mustermann (1.0.2)
    nio4r (2.5.7)
    puma (4.3.8)
      nio4r (~> 2.0)
    rack (2.0.5)
    rack-protection (2.0.1)
      rack
    sinatra (2.0.1)
      mustermann (~> 1.0)
      rack (~> 2.0)
      rack-protection (= 2.0.1)
      tilt (~> 2.0)
    sinatra-contrib (2.0.1)
      backports (>= 2.0)
      multi_json
      mustermann (~> 1.0)
      rack-protection (= 2.0.1)
      sinatra (= 2.0.1)
      tilt (>= 1.3, < 3)
    sinatra-cross_origin (0.4.0)
    tilt (2.0.8)

PLATFORMS
  ruby

DEPENDENCIES
  mongo (~> 2.5.1)
  puma (~> 4.3.8)
  sinatra (~> 2.0.1)
  sinatra-contrib
  sinatra-cross_origin (~> 0.4.0)

RUBY VERSION
   ruby 2.5.0p0

BUNDLED WITH
   1.16.1
