GEM
  remote: https://rubygems.org/
  specs:
    bson (4.3.0)
    mongo (2.5.3)
      bson (>= 4.3.0, < 5.0.0)
    multi_json (1.15.0)
    mustermann (1.1.1)
      ruby2_keywords (~> 0.0.1)
    puma (3.11.4)
    rack (2.2.3)
    rack-protection (2.2.0)
      rack
    ruby2_keywords (0.0.5)
    sinatra (2.2.0)
      mustermann (~> 1.0)
      rack (~> 2.2)
      rack-protection (= 2.2.0)
      tilt (~> 2.0)
    sinatra-contrib (2.2.0)
      multi_json
      mustermann (~> 1.0)
      rack-protection (= 2.2.0)
      sinatra (= 2.2.0)
      tilt (~> 2.0)
    sinatra-cross_origin (0.4.0)
    tilt (2.0.10)

PLATFORMS
  ruby

DEPENDENCIES
  mongo (~> 2.5.1)
  puma (~> 3.11.2)
  sinatra (~> 2.2.0)
  sinatra-contrib
  sinatra-cross_origin (~> 0.4.0)

RUBY VERSION
   ruby 2.5.0p0

BUNDLED WITH
   1.16.1
